GEM
  specs:

PLATFORMS
  x64-mingw32

DEPENDENCIES
  bundler

BUNDLED WITH
   1.10.6
